GEM
  remote: http://rubygems.org/
  specs:
    rack (1.5.2)
    rulers (0.0.1)
      rack

PLATFORMS
  ruby

DEPENDENCIES
  rulers
